PATH
  remote: .
  specs:
    nanoc-erubis (1.0.0)
      erubis
      nanoc-core

GEM
  remote: https://rubygems.org/
  specs:
    erubis (2.7.0)
    minitest (5.0.6)
    nanoc-core (4.0.0a1)
    rake (10.1.0)

PLATFORMS
  ruby

DEPENDENCIES
  bundler
  minitest
  nanoc-erubis!
  rake
